GEM
  remote: https://rubygems.org/
  specs:
    excon (0.55.0)
    haml (4.0.7)
      tilt
    mustermann (1.0.0)
    puma (3.8.2)
    rack (2.0.1)
    rack-protection (2.0.0)
      rack
    ruby-kafka (0.3.16)
    sinatra (2.0.0)
      mustermann (~> 1.0)
      rack (~> 2.0)
      rack-protection (= 2.0.0)
      tilt (~> 2.0)
    tilt (2.0.7)

PLATFORMS
  ruby

DEPENDENCIES
  excon
  haml (~> 4)
  puma
  ruby-kafka
  sinatra

BUNDLED WITH
   1.14.6
